GEM
  remote: https://rubygems.org/
  specs:
    coderay (1.1.2)
    concurrent-ruby (1.0.5)
    haml (5.0.4)
      temple (>= 0.8.0)
      tilt
    i18n (0.9.5)
      concurrent-ruby (~> 1.0)
    kgio (2.11.2)
    mail (2.7.0)
      mini_mime (>= 0.1.1)
    method_source (0.9.0)
    mime-types (2.99.3)
    mini_mime (1.0.1)
    moneta (1.0.0)
    mustermann (1.0.3)
    padrino (0.14.3)
      padrino-admin (= 0.14.3)
      padrino-cache (= 0.14.3)
      padrino-core (= 0.14.3)
      padrino-gen (= 0.14.3)
      padrino-helpers (= 0.14.3)
      padrino-mailer (= 0.14.3)
      padrino-support (= 0.14.3)
    padrino-admin (0.14.3)
      padrino-core (= 0.14.3)
      padrino-helpers (= 0.14.3)
    padrino-cache (0.14.3)
      moneta (~> 1.0.0)
      padrino-core (= 0.14.3)
      padrino-helpers (= 0.14.3)
    padrino-core (0.14.3)
      padrino-support (= 0.14.3)
      sinatra (>= 2.0.0)
      thor (~> 0.18)
    padrino-gen (0.14.3)
      bundler (~> 1.0)
      padrino-core (= 0.14.3)
    padrino-helpers (0.14.3)
      i18n (~> 0.6, >= 0.6.7)
      padrino-support (= 0.14.3)
      tilt (>= 1.4.1, < 3)
    padrino-mailer (0.14.3)
      mail (~> 2.5)
      mime-types (< 3)
      padrino-core (= 0.14.3)
    padrino-support (0.14.3)
    pry (0.11.3)
      coderay (~> 1.1.0)
      method_source (~> 0.9.0)
    rack (2.0.5)
    rack-protection (2.0.3)
      rack
    raindrops (0.19.0)
    rake (12.3.1)
    rdiscount (2.2.0.1)
    shotgun (0.9.2)
      rack (>= 1.0)
    sinatra (2.0.3)
      mustermann (~> 1.0)
      rack (~> 2.0)
      rack-protection (= 2.0.3)
      tilt (~> 2.0)
    sinatra-flash (0.3.0)
      sinatra (>= 1.0.0)
    temple (0.8.0)
    thor (0.20.0)
    tilt (2.0.8)
    unicorn (5.4.1)
      kgio (~> 2.6)
      raindrops (~> 0.7)

PLATFORMS
  ruby

DEPENDENCIES
  haml
  padrino (= 0.14.3)
  pry
  rake
  rdiscount
  shotgun
  sinatra-flash
  unicorn

RUBY VERSION
   ruby 2.5.1p57

BUNDLED WITH
   1.16.2
